GEM
  remote: http://rubygems.org/
  specs:
    diff-lcs (1.2.4)
    gem-this (0.3.7)
    rake (10.1.0)
    rspec (2.14.0.rc1)
      rspec-core (= 2.14.0.rc1)
      rspec-expectations (= 2.14.0.rc1)
      rspec-mocks (= 2.14.0.rc1)
    rspec-core (2.14.0.rc1)
    rspec-expectations (2.14.0.rc1)
      diff-lcs (>= 1.1.3, < 2.0)
    rspec-mocks (2.14.0.rc1)

PLATFORMS
  ruby

DEPENDENCIES
  gem-this
  rake
  rspec (>= 2.14.0.rc1)
